GIT
  remote: http://github.com/jasoncodes/rails-footnotes.git
  revision: 2252376fcc9e3a8bdc4f48bc4b363d724ed1fe4b
  branch: rails2
  specs:
    rails-footnotes (3.6.7)

GEM
  remote: https://rubygems.org/
  specs:
    actionmailer (2.3.18)
      actionpack (= 2.3.18)
    actionpack (2.3.18)
      activesupport (= 2.3.18)
      rack (~> 1.1.0)
    activeldap (1.2.4)
      activerecord (~> 2.3.11)
      fast_gettext (= 0.5.8)
      gettext_i18n_rails (= 0.2.2)
      locale (= 2.0.5)
    activerecord (2.3.18)
      activesupport (= 2.3.18)
    activeresource (2.3.18)
      activesupport (= 2.3.18)
    activesupport (2.3.18)
    beanstalk-client (1.1.1)
    capistrano (3.4.0)
      i18n
      rake (>= 10.0.0)
      sshkit (~> 1.3)
    childprocess (0.5.6)
      ffi (~> 1.0, >= 1.0.11)
    colorize (0.7.7)
    daemons (1.2.3)
    diff-lcs (1.2.5)
    eventmachine (1.0.8)
    fast_gettext (0.5.8)
    ffi (1.9.10)
    gettext_i18n_rails (0.2.2)
      fast_gettext
    i18n (0.7.0)
    icu4r_19 (1.0)
    jasmine (1.3.2)
      jasmine-core (~> 1.3.1)
      rack (~> 1.0)
      rspec (>= 1.3.1)
      selenium-webdriver (>= 0.1.3)
    jasmine-core (1.3.1)
    locale (2.0.5)
    multi_json (1.11.2)
    net-scp (1.2.1)
      net-ssh (>= 2.6.5)
    net-ssh (2.9.2)
    pg (0.18.2)
    rack (1.1.6)
    rails (2.3.18)
      actionmailer (= 2.3.18)
      actionpack (= 2.3.18)
      activerecord (= 2.3.18)
      activeresource (= 2.3.18)
      activesupport (= 2.3.18)
      rake (>= 0.8.3)
    rake (10.4.2)
    rspec (3.3.0)
      rspec-core (~> 3.3.0)
      rspec-expectations (~> 3.3.0)
      rspec-mocks (~> 3.3.0)
    rspec-core (3.3.2)
      rspec-support (~> 3.3.0)
    rspec-expectations (3.3.1)
      diff-lcs (>= 1.2.0, < 2.0)
      rspec-support (~> 3.3.0)
    rspec-mocks (3.3.2)
      diff-lcs (>= 1.2.0, < 2.0)
      rspec-support (~> 3.3.0)
    rspec-support (3.3.0)
    ruby-ldap (0.9.17)
    ruby-ole (1.2.11.8)
    rubyzip (1.1.7)
    selenium-webdriver (2.47.1)
      childprocess (~> 0.5)
      multi_json (~> 1.0)
      rubyzip (~> 1.0)
      websocket (~> 1.0)
    spreadsheet (0.6.5.9)
      ruby-ole (>= 1.0)
    sshkit (1.7.1)
      colorize (>= 0.7.0)
      net-scp (>= 1.1.2)
      net-ssh (>= 2.8.0)
    thin (1.6.3)
      daemons (~> 1.0, >= 1.0.9)
      eventmachine (~> 1.0)
      rack (~> 1.0)
    websocket (1.2.2)

PLATFORMS
  ruby

DEPENDENCIES
  activeldap
  beanstalk-client
  capistrano
  icu4r_19
  jasmine
  pg
  rails (~> 2.3.18)
  rails-footnotes (= 3.6.7)!
  ruby-ldap
  spreadsheet (= 0.6.5.9)
  thin

BUNDLED WITH
   1.10.6
